GIT
  remote: https://github.com/gshutler/hatchet.git
  revision: ae10bb664443928cc54375ea2f07d2e68b3a8820
  branch: error-passing
  specs:
    hatchet (0.0.17)

GEM
  remote: http://rubygems.org/
  specs:
    airbrake (3.1.6)
      builder
      girl_friday
    builder (3.1.4)
    coderay (1.0.8)
    connection_pool (0.9.2)
    diff-lcs (1.1.3)
    girl_friday (0.10.0)
      connection_pool (~> 0.9.0)
    growl (1.0.3)
    guard (1.5.3)
      listen (>= 0.4.2)
      lumberjack (>= 1.0.2)
      pry (>= 0.9.10)
      thor (>= 0.14.6)
    guard-rspec (2.1.1)
      guard (>= 1.1)
      rspec (~> 2.11)
    listen (0.5.3)
    lumberjack (1.0.2)
    method_source (0.8.1)
    pry (0.9.10)
      coderay (~> 1.0.5)
      method_source (~> 0.8)
      slop (~> 3.3.1)
    rb-fsevent (0.9.2)
    rspec (2.11.0)
      rspec-core (~> 2.11.0)
      rspec-expectations (~> 2.11.0)
      rspec-mocks (~> 2.11.0)
    rspec-core (2.11.1)
    rspec-expectations (2.11.3)
      diff-lcs (~> 1.1.3)
    rspec-mocks (2.11.3)
    slop (3.3.3)
    thor (0.16.0)

PLATFORMS
  ruby

DEPENDENCIES
  airbrake
  growl
  guard-rspec
  hatchet!
  rb-fsevent (~> 0.9.1)
  rspec
